GEM
  remote: https://rubygems.org/
  specs:
    aws-sdk-core (2.0.0.rc2)
      builder (~> 3.0)
      multi_json (~> 1.0)
      multi_xml (~> 0.5)
    builder (3.2.2)
    multi_json (1.8.2)
    multi_xml (0.5.5)

PLATFORMS
  ruby

DEPENDENCIES
  aws-sdk-core
